GIT
  remote: git@github.com:amatsuda/kaminari.git
  revision: 9d66373b4f3123c3ebc7fc79ad15dbdc8c82ac0c
  specs:
    kaminari (1.0.0.alpha)
      actionpack (>= 3.0.0)
      activesupport (>= 3.0.0)

GEM
  remote: https://rubygems.org/
  specs:
    actionmailer (4.2.6)
      actionpack (= 4.2.6)
      actionview (= 4.2.6)
      activejob (= 4.2.6)
      mail (~> 2.5, >= 2.5.4)
      rails-dom-testing (~> 1.0, >= 1.0.5)
    actionpack (4.2.6)
      actionview (= 4.2.6)
      activesupport (= 4.2.6)
      rack (~> 1.6)
      rack-test (~> 0.6.2)
      rails-dom-testing (~> 1.0, >= 1.0.5)
      rails-html-sanitizer (~> 1.0, >= 1.0.2)
    actionpack-page_caching (1.0.2)
      actionpack (>= 4.0.0, < 5)
    actionview (4.2.6)
      activesupport (= 4.2.6)
      builder (~> 3.1)
      erubis (~> 2.7.0)
      rails-dom-testing (~> 1.0, >= 1.0.5)
      rails-html-sanitizer (~> 1.0, >= 1.0.2)
    activejob (4.2.6)
      activesupport (= 4.2.6)
      globalid (>= 0.3.0)
    activemodel (4.2.6)
      activesupport (= 4.2.6)
      builder (~> 3.1)
    activerecord (4.2.6)
      activemodel (= 4.2.6)
      activesupport (= 4.2.6)
      arel (~> 6.0)
    activesupport (4.2.6)
      i18n (~> 0.7)
      json (~> 1.7, >= 1.7.7)
      minitest (~> 5.1)
      thread_safe (~> 0.3, >= 0.3.4)
      tzinfo (~> 1.1)
    addressable (2.4.0)
    ansi (1.5.0)
    arel (6.0.3)
    bcrypt (3.1.11)
    binding_of_caller (0.7.2)
      debug_inspector (>= 0.0.1)
    bourbon (4.2.6)
      sass (~> 3.4)
      thor (~> 0.19)
    builder (3.2.2)
    byebug (8.2.4)
    capistrano (3.4.0)
      i18n
      rake (>= 10.0.0)
      sshkit (~> 1.3)
    capistrano-bundler (1.1.4)
      capistrano (~> 3.1)
      sshkit (~> 1.2)
    capistrano-passenger (0.2.0)
      capistrano (~> 3.0)
    capistrano-rails (1.1.6)
      capistrano (~> 3.1)
      capistrano-bundler (~> 1.1)
    capistrano-rails-console (1.0.2)
      capistrano (>= 3.1.0, < 4.0.0)
    capistrano-rails-log (1.0.0)
      capistrano (>= 3.1.0, < 4.0.0)
    capistrano-rbenv (2.0.4)
      capistrano (~> 3.1)
      sshkit (~> 1.3)
    capistrano3-delayed-job (1.6.0)
      capistrano (>= 3.0.0)
    capybara (2.7.0)
      addressable
      mime-types (>= 1.16)
      nokogiri (>= 1.3.3)
      rack (>= 1.0.0)
      rack-test (>= 0.5.4)
      xpath (~> 2.0)
    childprocess (0.5.9)
      ffi (~> 1.0, >= 1.0.11)
    coffee-rails (4.1.1)
      coffee-script (>= 2.2.0)
      railties (>= 4.0.0, < 5.1.x)
    coffee-script (2.4.1)
      coffee-script-source
      execjs
    coffee-script-source (1.10.0)
    concurrent-ruby (1.0.1)
    cookies_eu (1.3.0)
      jquery-cookie-rails
      jquery-rails
    daemons (1.2.3)
    database_cleaner (1.5.1)
    debug_inspector (0.0.2)
    delayed_job (4.1.1)
      activesupport (>= 3.0, < 5.0)
    delayed_job_active_record (4.1.0)
      activerecord (>= 3.0, < 5)
      delayed_job (>= 3.0, < 5)
    diff-lcs (1.2.5)
    elasticsearch (1.0.17)
      elasticsearch-api (= 1.0.17)
      elasticsearch-transport (= 1.0.17)
    elasticsearch-api (1.0.17)
      multi_json
    elasticsearch-extensions (0.0.20)
      ansi
      ruby-prof
    elasticsearch-transport (1.0.17)
      faraday
      multi_json
    email_spec (2.0.0)
      htmlentities (~> 4.3.3)
      launchy (~> 2.1)
      mail (~> 2.6.3)
    erubis (2.7.0)
    execjs (2.6.0)
    faraday (0.9.2)
      multipart-post (>= 1.2, < 3)
    ffi (1.9.10)
    geocoder (1.3.3)
    globalid (0.3.6)
      activesupport (>= 4.1.0)
    hashie (3.4.3)
    htmlentities (4.3.4)
    i18n (0.7.0)
    ine-places (0.1.2)
      activesupport (~> 4.2, >= 4.2.4)
    jquery-cookie-rails (1.3.1.1)
      railties (>= 3.2.0, < 5.0)
    jquery-rails (4.1.1)
      rails-dom-testing (>= 1, < 3)
      railties (>= 4.2.0)
      thor (>= 0.14, < 2.0)
    jquery-turbolinks (2.1.0)
      railties (>= 3.1.0)
      turbolinks
    json (1.8.3)
    launchy (2.4.3)
      addressable (~> 2.3)
    libv8 (3.16.14.13)
    loofah (2.0.3)
      nokogiri (>= 1.5.9)
    mail (2.6.4)
      mime-types (>= 1.16, < 4)
    meta-tags (2.1.0)
      actionpack (>= 3.0.0)
    mime-types (3.0)
      mime-types-data (~> 3.2015)
    mime-types-data (3.2016.0221)
    mini_portile2 (2.0.0)
    minitest (5.8.4)
    multi_json (1.11.2)
    multipart-post (2.0.0)
    net-scp (1.2.1)
      net-ssh (>= 2.6.5)
    net-ssh (3.1.1)
    nokogiri (1.6.7.2)
      mini_portile2 (~> 2.0.0.rc2)
    oj (2.15.0)
    pg (0.18.4)
    progressbar (0.21.0)
    puma (3.4.0)
    quiet_assets (1.1.0)
      railties (>= 3.1, < 5.0)
    rack (1.6.4)
    rack-test (0.6.3)
      rack (>= 1.0)
    rails (4.2.6)
      actionmailer (= 4.2.6)
      actionpack (= 4.2.6)
      actionview (= 4.2.6)
      activejob (= 4.2.6)
      activemodel (= 4.2.6)
      activerecord (= 4.2.6)
      activesupport (= 4.2.6)
      bundler (>= 1.3.0, < 2.0)
      railties (= 4.2.6)
      sprockets-rails
    rails-deprecated_sanitizer (1.0.3)
      activesupport (>= 4.2.0.alpha)
    rails-dom-testing (1.0.7)
      activesupport (>= 4.2.0.beta, < 5.0)
      nokogiri (~> 1.6.0)
      rails-deprecated_sanitizer (>= 1.0.1)
    rails-html-sanitizer (1.0.3)
      loofah (~> 2.0)
    railties (4.2.6)
      actionpack (= 4.2.6)
      activesupport (= 4.2.6)
      rake (>= 0.8.7)
      thor (>= 0.18.1, < 2.0)
    rake (11.1.2)
    redcarpet (3.3.4)
    ref (2.0.0)
    responders (2.1.2)
      railties (>= 4.2.0, < 5.1)
    rollbar (2.9.1)
      multi_json
    rspec-core (3.4.4)
      rspec-support (~> 3.4.0)
    rspec-expectations (3.4.0)
      diff-lcs (>= 1.2.0, < 2.0)
      rspec-support (~> 3.4.0)
    rspec-mocks (3.4.1)
      diff-lcs (>= 1.2.0, < 2.0)
      rspec-support (~> 3.4.0)
    rspec-rails (3.4.2)
      actionpack (>= 3.0, < 4.3)
      activesupport (>= 3.0, < 4.3)
      railties (>= 3.0, < 4.3)
      rspec-core (~> 3.4.0)
      rspec-expectations (~> 3.4.0)
      rspec-mocks (~> 3.4.0)
      rspec-support (~> 3.4.0)
    rspec-support (3.4.1)
    ruby-prof (0.15.9)
    ruby-px (0.1.0)
      activesupport (~> 4.2, >= 4.2.5)
    rubyzip (1.2.0)
    sass (3.4.22)
    sass-rails (5.0.4)
      railties (>= 4.0.0, < 5.0)
      sass (~> 3.1)
      sprockets (>= 2.8, < 4.0)
      sprockets-rails (>= 2.0, < 4.0)
      tilt (>= 1.1, < 3)
    selenium-webdriver (2.53.0)
      childprocess (~> 0.5)
      rubyzip (~> 1.0)
      websocket (~> 1.0)
    spring (1.7.0)
    spring-commands-rspec (1.0.4)
      spring (>= 0.9.1)
    sprockets (3.6.0)
      concurrent-ruby (~> 1.0)
      rack (> 1, < 3)
    sprockets-rails (3.0.4)
      actionpack (>= 4.0)
      activesupport (>= 4.0)
      sprockets (>= 3.0.0)
    sshkit (1.9.0)
      net-scp (>= 1.1.2)
      net-ssh (>= 2.8.0)
    therubyracer (0.12.2)
      libv8 (~> 3.16.14.0)
      ref
    thor (0.19.1)
    thread_safe (0.3.5)
    tilt (2.0.2)
    timecop (0.8.1)
    turbolinks (2.5.3)
      coffee-rails
    tzinfo (1.2.2)
      thread_safe (~> 0.1)
    uglifier (3.0.0)
      execjs (>= 0.3.0, < 3)
    web-console (2.3.0)
      activemodel (>= 4.0)
      binding_of_caller (>= 0.7.2)
      railties (>= 4.0)
      sprockets-rails (>= 2.0, < 4.0)
    websocket (1.2.3)
    xpath (2.0.0)
      nokogiri (~> 1.3)

PLATFORMS
  ruby

DEPENDENCIES
  actionpack-page_caching
  bcrypt
  bourbon
  byebug
  capistrano
  capistrano-bundler
  capistrano-passenger
  capistrano-rails
  capistrano-rails-console
  capistrano-rails-log
  capistrano-rbenv
  capistrano3-delayed-job (~> 1.0)
  capybara
  cookies_eu
  daemons
  database_cleaner
  delayed_job_active_record
  elasticsearch
  elasticsearch-extensions
  email_spec
  geocoder
  hashie
  ine-places
  jquery-rails
  jquery-turbolinks
  kaminari!
  launchy
  meta-tags
  oj
  pg
  progressbar
  puma
  quiet_assets
  rack-test
  rails (= 4.2.6)
  redcarpet
  responders
  rollbar
  rspec-rails
  ruby-px
  sass-rails (~> 5.0.0)
  selenium-webdriver
  spring
  spring-commands-rspec
  therubyracer
  timecop
  turbolinks
  uglifier (>= 1.3.0)
  web-console (~> 2.0)

BUNDLED WITH
   1.11.2
